GIT
  remote: https://github.com/robertomiranda/webmock.git
  revision: 8baee153b3619578edc0fbead93ad86e22de35c1
  branch: response_pathname
  specs:
    webmock (1.8.8)
      addressable (~> 2.2.8)
      crack (>= 0.1.7)

GEM
  remote: https://rubygems.org/
  specs:
    addressable (2.2.8)
    crack (0.4.1)
      safe_yaml (~> 0.9.0)
    faraday (0.8.8)
      multipart-post (~> 1.2.0)
    json (1.8.1)
    metaclass (0.0.1)
    mocha (0.14.0)
      metaclass (~> 0.0.1)
    multipart-post (1.2.0)
    octokit (2.1.1)
      sawyer (~> 0.3.0)
    rack (1.5.2)
    rack-protection (1.5.1)
      rack
    rack-test (0.6.2)
      rack (>= 1.0)
    safe_yaml (0.9.7)
    sawyer (0.3.0)
      faraday (~> 0.8, < 0.10)
      uri_template (~> 0.5.0)
    sinatra (1.4.4)
      rack (~> 1.4)
      rack-protection (~> 1.4)
      tilt (~> 1.3, >= 1.3.4)
    tilt (1.4.1)
    uri_template (0.5.3)

PLATFORMS
  ruby

DEPENDENCIES
  json
  mocha
  octokit (= 2.1.1)
  rack-test
  sinatra
  webmock!
